PATH
  remote: /app/api
  specs:
    opentelemetry-api (0.0.0)

PATH
  remote: /app/sdk
  specs:
    opentelemetry-sdk (0.0.0)
      opentelemetry-api (~> 0.0)

GEM
  remote: https://rubygems.org/
  specs:
    mustermann (1.0.3)
    rack (2.0.7)
    rack-protection (2.0.7)
      rack
    sinatra (2.0.7)
      mustermann (~> 1.0)
      rack (~> 2.0)
      rack-protection (= 2.0.7)
      tilt (~> 2.0)
    tilt (2.0.10)

PLATFORMS
  ruby

DEPENDENCIES
  opentelemetry-api!
  opentelemetry-sdk!
  sinatra (~> 2.0)

BUNDLED WITH
   2.0.2
